GIT
  remote: https://github.com/Vermonster/fhir_models
  revision: f5891142b3157bc96a785fd6ab96b476c68d1e99
  branch: master
  specs:
    fhir_models (1.0.0)

PATH
  remote: .
  specs:
    fhir_client (1.0.0)
      addressable
      oauth2
      rest-client

GEM
  remote: http://rubygems.org/
  specs:
    addressable (2.4.0)
    ansi (1.5.0)
    awesome_print (1.6.1)
    docile (1.1.5)
    domain_name (0.5.20160310)
      unf (>= 0.0.5, < 1.0.0)
    faraday (0.9.2)
      multipart-post (>= 1.2, < 3)
    http-cookie (1.0.2)
      domain_name (~> 0.5)
    json (1.8.2)
    jwt (1.5.1)
    mime-types (2.99.1)
    minitest (4.7.5)
    multi_json (1.11.2)
    multi_xml (0.5.5)
    multipart-post (2.0.0)
    netrc (0.11.0)
    oauth2 (1.1.0)
      faraday (>= 0.8, < 0.10)
      jwt (~> 1.0, < 1.5.2)
      multi_json (~> 1.3)
      multi_xml (~> 0.5)
      rack (>= 1.2, < 3)
    rack (1.5.5)
    rest-client (1.8.0)
      http-cookie (>= 1.0.2, < 2.0)
      mime-types (>= 1.16, < 3.0)
      netrc (~> 0.7)
    simplecov (0.10.0)
      docile (~> 1.1.0)
      json (~> 1.8)
      simplecov-html (~> 0.10.0)
    simplecov-html (0.10.0)
    turn (0.9.7)
      ansi
      minitest (~> 4)
    unf (0.1.4)
      unf_ext
    unf_ext (0.0.7.2)

PLATFORMS
  ruby

DEPENDENCIES
  awesome_print
  fhir_client!
  fhir_models!
  minitest (~> 4.0)
  simplecov
  turn

BUNDLED WITH
   1.11.2
